GEM
  remote: https://rubygems.org/
  specs:
    activesupport (3.2.22.5)
      i18n (~> 0.6, >= 0.6.4)
      multi_json (~> 1.0)
    anemone (0.7.2)
      nokogiri (>= 1.3.0)
      robotex (>= 1.0.0)
    colorize (0.8.1)
    concurrent-ruby (1.1.10)
    excon (0.97.1)
    i18n (0.9.5)
      concurrent-ruby (~> 1.0)
    indentation (0.1.1)
    mime-types (3.4.1)
      mime-types-data (~> 3.2015)
    mime-types-data (3.2022.0105)
    mini_portile2 (2.8.1)
    mkfifo (0.1.1)
    multi_json (1.15.0)
    netrc (0.7.9)
    nokogiri (1.14.0)
      mini_portile2 (~> 2.8.0)
      racc (~> 1.4)
    racc (1.6.2)
    rest-client (1.6.7)
      mime-types (>= 1.16)
    robotex (1.0.0)
    terminal-table (1.8.0)
      unicode-display_width (~> 1.1, >= 1.1.1)
    unicode-display_width (1.8.0)
    zillabyte (0.1.0)
      zillabyte-cli (~> 0.1.0)
    zillabyte-cli (0.1.44)
      activesupport (~> 3.2.11)
      bundler (~> 1.3)
      colorize (~> 0.6)
      excon (~> 0.31)
      indentation (~> 0.1)
      mkfifo
      multi_json (~> 1.0)
      netrc (~> 0.7.7)
      rest-client (~> 1.6.1)
      terminal-table (~> 1.4)

PLATFORMS
  ruby

DEPENDENCIES
  anemone
  zillabyte
